PATH
  remote: .
  specs:
    quality (1.0.0)
      cane (>= 2.6)
      flay (>= 2.4)
      flog (>= 4.1.1)
      json
      reek (>= 1.3.2)
      rubocop
      ruby_parser (>= 3.2.2)

GEM
  remote: https://rubygems.org/
  specs:
    ast (1.1.0)
    cane (2.6.0)
      parallel
    flay (2.4.0)
      ruby_parser (~> 3.0)
      sexp_processor (~> 4.0)
    flog (4.1.2)
      ruby_parser (~> 3.1, > 3.1.0)
      sexp_processor (~> 4.0)
    json (1.8.0)
    metaclass (0.0.1)
    mocha (0.14.0)
      metaclass (~> 0.0.1)
    multi_json (1.8.1)
    parallel (0.8.4)
    parser (2.0.0.pre8)
      ast (~> 1.1)
      slop (~> 3.4, >= 3.4.5)
    powerpack (0.0.8)
    rainbow (1.1.4)
    rake (10.1.0)
    reek (1.3.3)
      ruby2ruby (~> 2.0.2)
      ruby_parser (~> 3.1, >= 3.1.1)
      sexp_processor
    rubocop (0.13.1)
      parser (~> 2.0.0.pre6)
      powerpack (~> 0.0.6)
      rainbow (>= 1.1.4)
    ruby2ruby (2.0.6)
      ruby_parser (~> 3.1)
      sexp_processor (~> 4.0)
    ruby_parser (3.2.2)
      sexp_processor (~> 4.1)
    sexp_processor (4.3.0)
    simplecov (0.7.1)
      multi_json (~> 1.0)
      simplecov-html (~> 0.7.1)
    simplecov-html (0.7.1)
    slop (3.4.6)

PLATFORMS
  ruby

DEPENDENCIES
  bundler (>= 1.1)
  mocha
  quality!
  rake
  simplecov
