PATH
  remote: .
  specs:
    quality (0.0.2)
      cane (>= 2.6)
      flay (>= 2.4)
      flog (>= 4.1.1)
      reek (>= 1.3.1)

GEM
  remote: https://rubygems.org/
  specs:
    cane (2.6.0)
      parallel
    flay (2.4.0)
      ruby_parser (~> 3.0)
      sexp_processor (~> 4.0)
    flog (4.1.1)
      ruby_parser (~> 3.1, > 3.1.0)
      sexp_processor (~> 4.0)
    parallel (0.7.1)
    rake (10.1.0)
    reek (1.3.1)
      ruby2ruby (~> 2.0.2)
      ruby_parser (~> 3.1.1)
      sexp_processor
    ruby2ruby (2.0.6)
      ruby_parser (~> 3.1)
      sexp_processor (~> 4.0)
    ruby_parser (3.1.3)
      sexp_processor (~> 4.1)
    sexp_processor (4.2.1)

PLATFORMS
  ruby

DEPENDENCIES
  bundler (>= 1.1)
  quality!
  rake
