PATH
  remote: .
  specs:
    quality (1.2.0)
      cane (>= 2.6)
      flay (>= 2.4)
      flog (>= 4.1.1)
      json
      reek (>= 1.3.4)
      rubocop
      ruby_parser (>= 3.2.2)

GEM
  remote: https://rubygems.org/
  specs:
    ast (2.0.0)
    cane (2.6.2)
      parallel
    docile (1.1.3)
    flay (2.5.0)
      ruby_parser (~> 3.0)
      sexp_processor (~> 4.0)
    flog (4.2.1)
      ruby_parser (~> 3.1, > 3.1.0)
      sexp_processor (~> 4.4)
    json (1.8.1)
    metaclass (0.0.4)
    mocha (1.0.0)
      metaclass (~> 0.0.1)
    multi_json (1.9.2)
    parallel (1.0.0)
    parser (2.1.9)
      ast (>= 1.1, < 3.0)
      slop (~> 3.4, >= 3.4.5)
    powerpack (0.0.9)
    rainbow (2.0.0)
    rake (10.3.1)
    reek (1.3.7)
      rainbow
      ruby2ruby (~> 2.0.8)
      ruby_parser (~> 3.3)
      sexp_processor
    rubocop (0.23.0)
      json (>= 1.7.7, < 2)
      parser (~> 2.1.9)
      powerpack (~> 0.0.6)
      rainbow (>= 1.99.1, < 3.0)
      ruby-progressbar (~> 1.4)
    ruby-progressbar (1.5.1)
    ruby2ruby (2.0.8)
      ruby_parser (~> 3.1)
      sexp_processor (~> 4.0)
    ruby_parser (3.6.1)
      sexp_processor (~> 4.1)
    sexp_processor (4.4.3)
    simplecov (0.8.2)
      docile (~> 1.1.0)
      multi_json
      simplecov-html (~> 0.8.0)
    simplecov-html (0.8.0)
    slop (3.5.0)

PLATFORMS
  ruby

DEPENDENCIES
  bundler (>= 1.1)
  mocha
  quality!
  rake
  simplecov
